PATH
  remote: .
  specs:
    sixarm_ruby_magic_number_type (3.0.0)

GEM
  remote: https://rubygems.org/
  specs:
    addressable (2.8.4)
      public_suffix (>= 2.0.2, < 6.0)
    ast (2.4.2)
    axiom-types (0.1.1)
      descendants_tracker (~> 0.0.4)
      ice_nine (~> 0.11.0)
      thread_safe (~> 0.3, >= 0.3.1)
    codeclimate-engine-rb (0.4.2)
    coercible (1.0.0)
      descendants_tracker (~> 0.0.1)
    descendants_tracker (0.0.4)
      thread_safe (~> 0.3, >= 0.3.1)
    docile (1.4.0)
    equalizer (0.0.11)
    erubi (1.12.0)
    flay (2.13.0)
      erubi (~> 1.10)
      path_expander (~> 1.0)
      ruby_parser (~> 3.0)
      sexp_processor (~> 4.0)
    flog (4.6.6)
      path_expander (~> 1.0)
      ruby_parser (~> 3.1, > 3.1.0)
      sexp_processor (~> 4.8)
    ice_nine (0.11.2)
    jaro_winkler (1.5.5)
    launchy (2.4.3)
      addressable (~> 2.3)
    minitest (5.18.0)
    parallel (1.23.0)
    parser (2.5.3.0)
      ast (~> 2.4.0)
    path_expander (1.1.1)
    public_suffix (5.0.1)
    rainbow (3.1.1)
    rake (12.3.3)
    reek (4.8.2)
      codeclimate-engine-rb (~> 0.4.0)
      parser (>= 2.5.0.0, < 2.6)
      rainbow (>= 2.0, < 4.0)
    rubocop (0.68.1)
      jaro_winkler (~> 1.5.1)
      parallel (~> 1.10)
      parser (>= 2.5, != 2.5.1.1)
      rainbow (>= 2.2.2, < 4.0)
      ruby-progressbar (~> 1.7)
      unicode-display_width (>= 1.4.0, < 1.6)
    ruby-progressbar (1.13.0)
    ruby_parser (3.20.1)
      sexp_processor (~> 4.16)
    rubycritic (3.5.2)
      flay (~> 2.8)
      flog (~> 4.4)
      launchy (= 2.4.3)
      parser (~> 2.5.0)
      rainbow (~> 3.0)
      reek (~> 4.4)
      ruby_parser (~> 3.8)
      tty-which (~> 0.3.0)
      virtus (~> 1.0)
    sexp_processor (4.17.0)
    simplecov (0.22.0)
      docile (~> 1.1)
      simplecov-html (~> 0.11)
      simplecov_json_formatter (~> 0.1)
    simplecov-html (0.12.3)
    simplecov_json_formatter (0.1.4)
    sixarm_ruby_minitest_extensions (1.1.1)
    thread_safe (0.3.6)
    tty-which (0.3.0)
    unicode-display_width (1.5.0)
    virtus (1.0.5)
      axiom-types (~> 0.1)
      coercible (~> 1.0)
      descendants_tracker (~> 0.0, >= 0.0.3)
      equalizer (~> 0.0, >= 0.0.9)

PLATFORMS
  arm64-darwin-22

DEPENDENCIES
  flay (>= 2.12.0, < 3)
  flog (>= 4.6.2, < 5)
  minitest (>= 5.11.3, < 6)
  rake (>= 12.3.3, < 13)
  reek (>= 4.8.1, < 5)
  rubocop (>= 0.57.2, < 1)
  rubycritic (>= 3.4.0, < 4)
  simplecov (>= 0.16.1, < 2)
  sixarm_ruby_magic_number_type!
  sixarm_ruby_minitest_extensions (>= 1.0.8, < 2)

BUNDLED WITH
   2.3.26
